GIT
  remote: https://github.com/edestecd/puppetdb_foreman.git
  revision: 5ab84c537e32d6cde7265a289dfb80b842a61f25
  specs:
    puppetdb_foreman (0.1.2)

GEM
  remote: https://rubygems.org/
  specs:
    CFPropertyList (2.2.8)
    actionmailer (3.2.18)
      actionpack (= 3.2.18)
      mail (~> 2.5.4)
    actionpack (3.2.18)
      activemodel (= 3.2.18)
      activesupport (= 3.2.18)
      builder (~> 3.0.0)
      erubis (~> 2.7.0)
      journey (~> 1.0.4)
      rack (~> 1.4.5)
      rack-cache (~> 1.2)
      rack-test (~> 0.6.1)
      sprockets (~> 2.2.1)
    activemodel (3.2.18)
      activesupport (= 3.2.18)
      builder (~> 3.0.0)
    activerecord (3.2.18)
      activemodel (= 3.2.18)
      activesupport (= 3.2.18)
      arel (~> 3.0.2)
      tzinfo (~> 0.3.29)
    activeresource (3.2.18)
      activemodel (= 3.2.18)
      activesupport (= 3.2.18)
    activesupport (3.2.18)
      i18n (~> 0.6, >= 0.6.4)
      multi_json (~> 1.0)
    addressable (2.3.6)
    ancestry (2.0.0)
      activerecord (>= 3.0.0)
    apipie-rails (0.2.6)
      json
    arel (3.0.3)
    audited (3.0.0)
    audited-activerecord (3.0.0)
      activerecord (~> 3.0)
      audited (= 3.0.0)
    autoparse (0.3.3)
      addressable (>= 2.3.1)
      extlib (>= 0.9.15)
      multi_json (>= 1.0.0)
    awesome_print (1.2.0)
    bootstrap-sass (3.0.3.0)
      sass (~> 3.2)
    builder (3.0.4)
    capybara (2.0.3)
      mime-types (>= 1.16)
      nokogiri (>= 1.3.3)
      rack (>= 1.0.0)
      rack-test (>= 0.5.4)
      selenium-webdriver (~> 2.0)
      xpath (~> 1.0.0)
    childprocess (0.5.3)
      ffi (~> 1.0, >= 1.0.11)
    chronic (0.10.2)
    ci_reporter (1.9.2)
      builder (>= 2.1.2)
    coderay (1.1.0)
    database_cleaner (0.9.1)
    deep_cloneable (2.0.0)
      activerecord (>= 3.1.0, < 5.0.0)
    docile (1.1.5)
    erubis (2.7.0)
    excon (0.39.6)
    execjs (2.0.2)
    extlib (0.9.16)
    facter (2.2.0)
      CFPropertyList (~> 2.2.6)
    factory_girl (2.6.4)
      activesupport (>= 2.3.9)
    factory_girl_rails (1.7.0)
      factory_girl (~> 2.6.0)
      railties (>= 3.0.0)
    faraday (0.9.0)
      multipart-post (>= 1.2, < 3)
    fast_gettext (0.9.0)
    ffi (1.9.5)
    flot-rails (0.0.3)
      jquery-rails
    fog (1.23.0)
      fog-brightbox
      fog-core (~> 1.23)
      fog-json
      fog-softlayer
      ipaddress (~> 0.5)
      nokogiri (~> 1.5, >= 1.5.11)
    fog-brightbox (0.5.1)
      fog-core (~> 1.22)
      fog-json
      inflecto
    fog-core (1.23.0)
      builder
      excon (~> 0.38)
      formatador (~> 0.2)
      mime-types
      net-scp (~> 1.1)
      net-ssh (>= 2.1.3)
    fog-json (1.0.0)
      multi_json (~> 1.0)
    fog-softlayer (0.3.17)
      fog-core
      fog-json
    foreigner (1.4.2)
      activerecord (>= 3.0.0)
      activerecord (>= 3.0.0)
      activerecord (>= 3.0.0)
      activerecord (>= 3.0.0)
      activerecord (>= 3.0.0)
      activerecord (>= 3.0.0)
      activerecord (>= 3.0.0)
      activerecord (>= 3.0.0)
      activerecord (>= 3.0.0)
      activerecord (>= 3.0.0)
      activerecord (>= 3.0.0)
      activerecord (>= 3.0.0)
      activerecord (>= 3.0.0)
      activerecord (>= 3.0.0)
      activerecord (>= 3.0.0)
      activerecord (>= 3.0.0)
      activerecord (>= 3.0.0)
      activerecord (>= 3.0.0)
      activerecord (>= 3.0.0)
      activerecord (>= 3.0.0)
      activerecord (>= 3.0.0)
      activerecord (>= 3.0.0)
      activerecord (>= 3.0.0)
      activerecord (>= 3.0.0)
      activerecord (>= 3.0.0)
      activerecord (>= 3.0.0)
      activerecord (>= 3.0.0)
      activerecord (>= 3.0.0)
      activerecord (>= 3.0.0)
      activerecord (>= 3.0.0)
      activerecord (>= 3.0.0)
      activerecord (>= 3.0.0)
      activerecord (>= 3.0.0)
      activerecord (>= 3.0.0)
      activerecord (>= 3.0.0)
      activerecord (>= 3.0.0)
      activerecord (>= 3.0.0)
      activerecord (>= 3.0.0)
      activerecord (>= 3.0.0)
      activerecord (>= 3.0.0)
      activerecord (>= 3.0.0)
      activerecord (>= 3.0.0)
      activerecord (>= 3.0.0)
      activerecord (>= 3.0.0)
      activerecord (>= 3.0.0)
      activerecord (>= 3.0.0)
      activerecord (>= 3.0.0)
      activerecord (>= 3.0.0)
      activerecord (>= 3.0.0)
      activerecord (>= 3.0.0)
      activerecord (>= 3.0.0)
      activerecord (>= 3.0.0)
      activerecord (>= 3.0.0)
      activerecord (>= 3.0.0)
      activerecord (>= 3.0.0)
      activerecord (>= 3.0.0)
      activerecord (>= 3.0.0)
      activerecord (>= 3.0.0)
      activerecord (>= 3.0.0)
      activerecord (>= 3.0.0)
      activerecord (>= 3.0.0)
      activerecord (>= 3.0.0)
      activerecord (>= 3.0.0)
      activerecord (>= 3.0.0)
      activerecord (>= 3.0.0)
      activerecord (>= 3.0.0)
      activerecord (>= 3.0.0)
      activerecord (>= 3.0.0)
      activerecord (>= 3.0.0)
      activerecord (>= 3.0.0)
      activerecord (>= 3.0.0)
      activerecord (>= 3.0.0)
    formatador (0.2.5)
    gettext (2.3.9)
      locale
      text
    gettext_i18n_rails (0.10.1)
      fast_gettext (>= 0.4.8)
    gettext_i18n_rails_js (0.0.8)
      gettext_i18n_rails (>= 0.7.1)
      po_to_json (>= 0.0.7)
      rails (~> 3.2.0)
    google-api-client (0.7.1)
      addressable (>= 2.3.2)
      autoparse (>= 0.3.3)
      extlib (>= 0.9.15)
      faraday (>= 0.9.0)
      jwt (>= 0.1.5)
      launchy (>= 2.1.1)
      multi_json (>= 1.0.0)
      retriable (>= 1.4)
      signet (>= 0.5.0)
      uuidtools (>= 2.1.0)
    gridster-rails (0.1.5)
      railties (~> 3.1)
    hike (1.2.3)
    hirb (0.7.2)
    hirb-unicode (0.0.5)
      hirb (~> 0.5)
      unicode-display_width (~> 0.1.1)
    i18n (0.6.11)
    i18n_data (0.6.0)
    immigrant (0.1.8)
      activerecord (>= 3.0)
      foreigner (>= 1.2.1)
    inflecto (0.0.2)
    ipaddress (0.8.0)
    journey (1.0.4)
    jquery-rails (2.0.3)
      railties (>= 3.1.0, < 5.0)
      thor (~> 0.14)
    jquery-ui-rails (4.2.1)
      railties (>= 3.2.16)
    json (1.8.1)
    jwt (1.0.0)
    kgio (2.9.2)
    launchy (2.4.2)
      addressable (~> 2.3)
    ldap_fluff (0.3.1)
      activesupport
      net-ldap (>= 0.3.1)
    libv8 (3.11.8.17)
    locale (2.0.9)
    mail (2.5.4)
      mime-types (~> 1.16)
      treetop (~> 1.4.8)
    maruku (0.7.2)
    metaclass (0.0.4)
    method_source (0.8.2)
    mime-types (1.25.1)
    mini_portile (0.6.0)
    minitest (4.7.5)
    minitest-spec-rails (4.7.7)
      minitest (~> 4.7)
      rails (>= 3.0, < 4.1)
    minitest-spec-rails-tu-shim (1.9.3.4)
    mocha (1.1.0)
      metaclass (~> 0.0.1)
    multi-select-rails (0.9.12)
      railties (>= 3.0)
    multi_json (1.10.1)
    multipart-post (2.0.0)
    mysql2 (0.3.16)
    net-ldap (0.8.0)
    net-scp (1.2.1)
      net-ssh (>= 2.6.5)
    net-ssh (2.9.1)
    nokogiri (1.6.3.1)
      mini_portile (= 0.6.0)
    oauth (0.4.7)
    oj (2.10.2)
    paint (0.8.7)
    pg (0.17.1)
    po_to_json (0.0.7)
      json
    polyglot (0.3.5)
    pry (0.10.1)
      coderay (~> 1.1.0)
      method_source (~> 0.8.1)
      slop (~> 3.4)
    quiet_assets (1.0.3)
      railties (>= 3.1, < 5.0)
    rabl (0.9.0)
      activesupport (>= 2.3.14)
    rack (1.4.5)
    rack-cache (1.2)
      rack (>= 0.4)
    rack-openid (1.4.2)
      rack (>= 1.1.0)
      ruby-openid (>= 2.1.8)
    rack-ssl (1.3.4)
      rack
    rack-test (0.6.2)
      rack (>= 1.0)
    rails (3.2.18)
      actionmailer (= 3.2.18)
      actionpack (= 3.2.18)
      activerecord (= 3.2.18)
      activeresource (= 3.2.18)
      activesupport (= 3.2.18)
      bundler (~> 1.0)
      railties (= 3.2.18)
    railties (3.2.18)
      actionpack (= 3.2.18)
      activesupport (= 3.2.18)
      rack-ssl (~> 1.3.2)
      rake (>= 0.8.7)
      rdoc (~> 3.4)
      thor (>= 0.14.6, < 2.0)
    raindrops (0.13.0)
    rake (10.3.2)
    rbovirt (0.0.29)
      nokogiri
      rest-client
    rbvmomi (1.6.0)
      builder
      nokogiri (>= 1.4.1)
      trollop
    rdoc (3.12.2)
      json (~> 1.4)
    ref (1.0.5)
    rest-client (1.6.8)
      mime-types (~> 1.16)
      rdoc (>= 2.4.2)
    retriable (1.4.1)
    ruby-libvirt (0.5.2)
    ruby-openid (2.5.0)
    ruby2ruby (2.0.1)
      ruby_parser (~> 3.0.0)
      sexp_processor (~> 4.0)
    ruby_parser (3.0.4)
      sexp_processor (~> 4.1)
    rubyzip (0.9.9)
    safemode (1.2.1)
      ruby2ruby (>= 2.0.1)
      ruby_parser (>= 3.0.1)
      sexp_processor (>= 4.1.2)
    sass (3.4.5)
    sass-rails (3.2.6)
      railties (~> 3.2.0)
      sass (>= 3.1.10)
      tilt (~> 1.3)
    scoped_search (2.7.1)
      activerecord (>= 2.1.0)
    selenium-webdriver (2.35.1)
      childprocess (>= 0.2.5)
      multi_json (~> 1.0)
      rubyzip (< 1.0.0)
      websocket (~> 1.0.4)
    sexp_processor (4.4.4)
    signet (0.5.1)
      addressable (>= 2.2.3)
      faraday (>= 0.9.0.rc5)
      jwt (>= 0.1.5)
      multi_json (>= 1.0.0)
    simplecov (0.9.1)
      docile (~> 1.1.0)
      multi_json (~> 1.0)
      simplecov-html (~> 0.8.0)
    simplecov-html (0.8.0)
    single_test (0.6.0)
      rake
    slop (3.6.0)
    spice-html5-rails (0.1.4)
      railties (~> 3.1)
    spork (0.9.2)
    spork-minitest (0.0.3)
      spork
    sprockets (2.2.2)
      hike (~> 1.2)
      multi_json (~> 1.0)
      rack (~> 1.0)
      tilt (~> 1.1, != 1.3.0)
    sqlite3 (1.3.9)
    sshkey (1.6.1)
    term-ansicolor (1.3.0)
      tins (~> 1.0)
    text (1.3.0)
    therubyracer (0.11.3)
      libv8 (~> 3.11.8.12)
      ref
    thor (0.19.1)
    tilt (1.4.1)
    tins (1.3.3)
    treetop (1.4.15)
      polyglot
      polyglot
      polyglot
      polyglot
      polyglot
      polyglot
      polyglot
      polyglot
      polyglot
      polyglot
      polyglot
      polyglot
      polyglot
      polyglot
      polyglot
      polyglot
      polyglot
      polyglot (>= 0.3.1)
      polyglot (>= 0.3.1)
      polyglot (>= 0.3.1)
      polyglot (>= 0.3.1)
      polyglot (>= 0.3.1)
      polyglot (>= 0.3.1)
      polyglot (>= 0.3.1)
      polyglot (>= 0.3.1)
      polyglot (>= 0.3.1)
      polyglot (>= 0.3.1)
      polyglot (>= 0.3.1)
      polyglot (>= 0.3.1)
      polyglot (>= 0.3.1)
      polyglot (>= 0.3.1)
      polyglot (>= 0.3.1)
      polyglot (>= 0.3.1)
      polyglot (>= 0.3.1)
      polyglot (>= 0.3.1)
      polyglot (>= 0.3.1)
      polyglot (>= 0.3.1)
      polyglot (>= 0.3.1)
      polyglot (>= 0.3.1)
      polyglot (>= 0.3.1)
      polyglot (>= 0.3.1)
      polyglot (>= 0.3.1)
      polyglot (>= 0.3.1)
      polyglot (>= 0.3.1)
      polyglot (>= 0.3.1)
      polyglot (>= 0.3.1)
      polyglot (>= 0.3.1)
      polyglot (>= 0.3.1)
      polyglot (>= 0.3.1)
      polyglot (>= 0.3.1)
      polyglot (>= 0.3.1)
      polyglot (>= 0.3.1)
      polyglot (>= 0.3.1)
      polyglot (>= 0.3.1)
      polyglot (>= 0.3.1)
      polyglot (>= 0.3.1)
      polyglot (>= 0.3.1)
      polyglot (>= 0.3.1)
      polyglot (>= 0.3.1)
      polyglot (>= 0.3.1)
      polyglot (>= 0.3.1)
      polyglot (>= 0.3.1)
      polyglot (>= 0.3.1)
      polyglot (>= 0.3.1)
      polyglot (>= 0.3.1)
      polyglot (>= 0.3.1)
      polyglot (>= 0.3.1)
      polyglot (>= 0.3.1)
      polyglot (>= 0.3.1)
      polyglot (>= 0.3.1)
      polyglot (>= 0.3.1)
      polyglot (>= 0.3.1)
      polyglot (>= 0.3.1)
      polyglot (>= 0.3.1)
      polyglot (>= 0.3.1)
      polyglot (>= 0.3.1)
      polyglot (>= 0.3.1)
      polyglot (>= 0.3.1)
      polyglot (>= 0.3.1)
      polyglot (>= 0.3.1)
      polyglot (>= 0.3.1)
      polyglot (>= 0.3.1)
      polyglot (>= 0.3.1)
      polyglot (>= 0.3.1)
      polyglot (>= 0.3.1)
      polyglot (>= 0.3.1)
      polyglot (>= 0.3.1)
      polyglot (>= 0.3.1)
    trollop (2.0)
    tzinfo (0.3.41)
    uglifier (2.5.3)
      execjs (>= 0.3.0)
      json (>= 1.8.0)
    unf (0.1.4)
      unf_ext
    unf_ext (0.0.6)
    unicode-display_width (0.1.1)
    unicorn (4.8.3)
      kgio (~> 2.6)
      rack
      raindrops (~> 0.7)
    uuidtools (2.1.5)
    validates_lengths_from_database (0.2.0)
      activerecord (>= 2.3.2)
    websocket (1.0.7)
    whenever (0.9.2)
      activesupport (>= 2.3.4)
      chronic (>= 0.6.3)
    will_paginate (3.0.7)
    wirb (1.0.3)
      paint (~> 0.8)
    xpath (1.0.0)
      nokogiri (~> 1.3)

PLATFORMS
  ruby

DEPENDENCIES
  ancestry (~> 2.0.0)
  apipie-rails (~> 0.2.5)
  audited-activerecord (= 3.0.0)
  awesome_print
  bootstrap-sass (~> 3.0.3.0)
  capybara (~> 2.0.0)
  ci_reporter (>= 1.6.3, < 2.0.0)
  database_cleaner (= 0.9.1)
  deep_cloneable (~> 2.0)
  execjs (< 2.1.0)
  facter
  factory_girl_rails (~> 1.2)
  fast_gettext (>= 0.8.0)
  flot-rails (= 0.0.3)
  fog (~> 1.23.0)
  fog-core (~> 1.23.0)
  foreigner (~> 1.4.2)
  gettext (~> 2.0)
  gettext_i18n_rails (~> 0.10)
  gettext_i18n_rails_js (>= 0.0.8)
  google-api-client
  gridster-rails
  hirb-unicode
  i18n_data (>= 0.2.6)
  immigrant
  jquery-rails (= 2.0.3)
  jquery-ui-rails (< 5.0.0)
  json
  launchy
  ldap_fluff (>= 0.3.0, < 1.0.0)
  locale (<= 2.0.9)
  maruku
  minitest (~> 4.7)
  minitest-spec-rails
  minitest-spec-rails-tu-shim
  mocha
  multi-select-rails (~> 0.9.10)
  mysql2 (> 0.3.0)
  net-ldap (< 0.9.0)
  oauth
  oj
  pg
  pry
  puppetdb_foreman!
  quiet_assets
  rabl (>= 0.7.5, <= 0.9.0)
  rack-openid
  rails (= 3.2.18)
  rbovirt (>= 0.0.24)
  rbvmomi (~> 1.6.0)
  rest-client (> 1.6.2, < 1.7)
  ruby-libvirt
  ruby_parser (~> 3.0.0)
  rubyzip (~> 0.9)
  safemode (~> 1.2.1)
  sass-rails (~> 3.2.3)
  scoped_search (>= 2.7.0, < 3.0.0)
  simplecov
  single_test
  spice-html5-rails
  spork
  spork-minitest
  sqlite3
  sshkey
  term-ansicolor
  therubyracer (= 0.11.3)
  uglifier (>= 1.0.3)
  unf
  unicorn
  uuidtools
  validates_lengths_from_database (~> 0.2.0)
  whenever (~> 0.9.2)
  will_paginate (~> 3.0.2)
  wirb
