GEM
  remote: https://rubygems.org/
  specs:
    actionmailer (3.2.16)
      actionpack (= 3.2.16)
      mail (~> 2.5.4)
    actionpack (3.2.16)
      activemodel (= 3.2.16)
      activesupport (= 3.2.16)
      builder (~> 3.0.0)
      erubis (~> 2.7.0)
      journey (~> 1.0.4)
      rack (~> 1.4.5)
      rack-cache (~> 1.2)
      rack-test (~> 0.6.1)
      sprockets (~> 2.2.1)
    activemodel (3.2.16)
      activesupport (= 3.2.16)
      builder (~> 3.0.0)
    activerecord (3.2.16)
      activemodel (= 3.2.16)
      activesupport (= 3.2.16)
      arel (~> 3.0.2)
      tzinfo (~> 0.3.29)
    activeresource (3.2.16)
      activemodel (= 3.2.16)
      activesupport (= 3.2.16)
    activesupport (3.2.16)
      i18n (~> 0.6, >= 0.6.4)
      multi_json (~> 1.0)
    addressable (2.3.5)
    ancestry (2.0.0)
      activerecord (>= 3.0.0)
    apipie-rails (0.0.24)
      rails (>= 3.0.10)
    arel (3.0.3)
    audited (3.0.0)
    audited-activerecord (3.0.0)
      activerecord (~> 3.0)
      audited (= 3.0.0)
    autoparse (0.3.3)
      addressable (>= 2.3.1)
      extlib (>= 0.9.15)
      multi_json (>= 1.0.0)
    awesome_print (1.2.0)
    bootstrap-sass (3.0.3.0)
      sass (~> 3.2)
    builder (3.0.4)
    capybara (2.0.3)
      mime-types (>= 1.16)
      nokogiri (>= 1.3.3)
      rack (>= 1.0.0)
      rack-test (>= 0.5.4)
      selenium-webdriver (~> 2.0)
      xpath (~> 1.0.0)
    childprocess (0.4.2)
      ffi (~> 1.0, >= 1.0.11)
    ci_reporter (1.9.1)
      builder (>= 2.1.2)
    coderay (1.1.0)
    database_cleaner (0.9.1)
    docile (1.1.3)
    erubis (2.7.0)
    excon (0.31.0)
    execjs (2.0.2)
    extlib (0.9.16)
    facter (1.7.5)
    factory_girl (2.6.4)
      activesupport (>= 2.3.9)
    factory_girl_rails (1.7.0)
      factory_girl (~> 2.6.0)
      railties (>= 3.0.0)
    faraday (0.9.0)
      multipart-post (>= 1.2, < 3)
    fast_gettext (0.8.1)
    ffi (1.9.3)
    flot-rails (0.0.3)
      jquery-rails
    fog (1.19.0)
      builder
      excon (~> 0.31.0)
      formatador (~> 0.2.0)
      mime-types
      multi_json (~> 1.0)
      net-scp (~> 1.1)
      net-ssh (>= 2.1.3)
      nokogiri (~> 1.5)
      ruby-hmac
    foreigner (1.4.2)
      activerecord (>= 3.0.0)
    formatador (0.2.4)
    gettext (2.3.9)
      locale
      text
    gettext_i18n_rails (0.10.1)
      fast_gettext (>= 0.4.8)
    gettext_i18n_rails_js (0.0.8)
      gettext_i18n_rails (>= 0.7.1)
      po_to_json (>= 0.0.7)
      rails (~> 3.2.0)
    google-api-client (0.7.1)
      addressable (>= 2.3.2)
      autoparse (>= 0.3.3)
      extlib (>= 0.9.15)
      faraday (>= 0.9.0)
      jwt (>= 0.1.5)
      launchy (>= 2.1.1)
      multi_json (>= 1.0.0)
      retriable (>= 1.4)
      signet (>= 0.5.0)
      uuidtools (>= 2.1.0)
    hike (1.2.3)
    hirb (0.7.1)
    hirb-unicode (0.0.5)
      hirb (~> 0.5)
      unicode-display_width (~> 0.1.1)
    i18n (0.6.9)
    i18n_data (0.4.0)
    immigrant (0.1.5)
      activerecord (>= 3.0)
      foreigner (>= 1.2.1)
    journey (1.0.4)
    jquery-rails (2.0.3)
      railties (>= 3.1.0, < 5.0)
      thor (~> 0.14)
    jquery-ui-rails (4.1.1)
      railties (>= 3.1.0)
    json (1.8.1)
    jwt (0.1.11)
      multi_json (>= 1.5)
    kgio (2.8.0)
    launchy (2.4.2)
      addressable (~> 2.3)
    libv8 (3.11.8.17)
    locale (2.0.9)
    mail (2.5.4)
      mime-types (~> 1.16)
      treetop (~> 1.4.8)
    maruku (0.7.1)
    metaclass (0.0.2)
    method_source (0.8.2)
    mime-types (1.25.1)
    mini_portile (0.5.2)
    minitest (4.7.5)
    minitest-spec-rails (4.7.6)
      minitest (~> 4.7)
      rails (>= 3.0, < 4.1)
    minitest-spec-rails-tu-shim (1.9.3.4)
    mocha (1.0.0)
      metaclass (~> 0.0.1)
    multi_json (1.8.4)
    multipart-post (2.0.0)
    mysql2 (0.3.15)
    net-ldap (0.3.1)
    net-scp (1.1.2)
      net-ssh (>= 2.6.5)
    net-ssh (2.8.0)
    nokogiri (1.6.1)
      mini_portile (~> 0.5.0)
    oauth (0.4.7)
    paint (0.8.7)
    pg (0.17.1)
    po_to_json (0.0.7)
      json
    polyglot (0.3.3)
    pry (0.9.12.6)
      coderay (~> 1.0)
      method_source (~> 0.8)
      slop (~> 3.4)
    quiet_assets (1.0.2)
      railties (>= 3.1, < 5.0)
    rabl (0.9.0)
      activesupport (>= 2.3.14)
    rack (1.4.5)
    rack-cache (1.2)
      rack (>= 0.4)
    rack-openid (1.4.2)
      rack (>= 1.1.0)
      ruby-openid (>= 2.1.8)
    rack-ssl (1.3.3)
      rack
    rack-test (0.6.2)
      rack (>= 1.0)
    rails (3.2.16)
      actionmailer (= 3.2.16)
      actionpack (= 3.2.16)
      activerecord (= 3.2.16)
      activeresource (= 3.2.16)
      activesupport (= 3.2.16)
      bundler (~> 1.0)
      railties (= 3.2.16)
    railties (3.2.16)
      actionpack (= 3.2.16)
      activesupport (= 3.2.16)
      rack-ssl (~> 1.3.2)
      rake (>= 0.8.7)
      rdoc (~> 3.4)
      thor (>= 0.14.6, < 2.0)
    raindrops (0.11.0)
    rake (10.1.1)
    rbovirt (0.0.23)
      nokogiri
      rest-client
    rbvmomi (1.6.0)
      builder
      nokogiri (>= 1.4.1)
      trollop
    rdoc (3.12.2)
      json (~> 1.4)
    ref (1.0.5)
    rest-client (1.6.7)
      mime-types (>= 1.16)
    retriable (1.4.1)
    ruby-hmac (0.4.0)
    ruby-libvirt (0.5.2)
    ruby-openid (2.5.0)
    ruby2ruby (2.0.1)
      ruby_parser (~> 3.0.0)
      sexp_processor (~> 4.0)
    ruby_parser (3.0.4)
      sexp_processor (~> 4.1)
    rubyzip (0.9.9)
    safemode (1.2.0)
      ruby2ruby (>= 2.0.1)
      ruby_parser (>= 3.0.1)
      sexp_processor (>= 4.1.2)
    sass (3.2.14)
    sass-rails (3.2.6)
      railties (~> 3.2.0)
      sass (>= 3.1.10)
      tilt (~> 1.3)
    scoped_search (2.6.3)
      activerecord (>= 2.1.0)
    selenium-webdriver (2.35.1)
      childprocess (>= 0.2.5)
      multi_json (~> 1.0)
      rubyzip (< 1.0.0)
      websocket (~> 1.0.4)
    sexp_processor (4.4.1)
    signet (0.5.0)
      addressable (>= 2.2.3)
      faraday (>= 0.9.0.rc5)
      jwt (>= 0.1.5)
      multi_json (>= 1.0.0)
    simplecov (0.8.2)
      docile (~> 1.1.0)
      multi_json
      simplecov-html (~> 0.8.0)
    simplecov-html (0.8.0)
    single_test (0.6.0)
      rake
    slop (3.4.7)
    spice-html5-rails (0.1.4)
      railties (~> 3.1)
    spork (0.9.2)
    spork-minitest (0.0.3)
      spork
    sprockets (2.2.2)
      hike (~> 1.2)
      multi_json (~> 1.0)
      rack (~> 1.0)
      tilt (~> 1.1, != 1.3.0)
    sqlite3 (1.3.8)
    sshkey (1.6.1)
    term-ansicolor (1.3.0)
      tins (~> 1.0)
    text (1.2.3)
    therubyracer (0.11.3)
      libv8 (~> 3.11.8.12)
      ref
    thor (0.18.1)
    tilt (1.4.1)
    tins (1.0.0)
    treetop (1.4.15)
      polyglot
      polyglot (>= 0.3.1)
    trollop (2.0)
    tzinfo (0.3.38)
    uglifier (2.4.0)
      execjs (>= 0.3.0)
      json (>= 1.8.0)
    unf (0.1.3)
      unf_ext
    unf_ext (0.0.6)
    unicode-display_width (0.1.1)
    unicorn (4.6.2)
      kgio (~> 2.6)
      rack
      raindrops (~> 0.7)
    uuidtools (2.1.4)
    websocket (1.0.7)
    will_paginate (3.0.5)
    wirb (1.0.3)
      paint (~> 0.8)
    xpath (1.0.0)
      nokogiri (~> 1.3)

PLATFORMS
  ruby

DEPENDENCIES
  ancestry (~> 2.0)
  apipie-rails (~> 0.0.23)
  audited-activerecord (= 3.0.0)
  awesome_print
  bootstrap-sass (~> 3.0.3.0)
  capybara (~> 2.0.0)
  ci_reporter (>= 1.6.3)
  database_cleaner (= 0.9.1)
  facter
  factory_girl_rails (~> 1.2)
  fast_gettext (>= 0.8.0)
  flot-rails (= 0.0.3)
  fog (~> 1.19.0)
  foreigner (~> 1.4.2)
  gettext (~> 2.0)
  gettext_i18n_rails (~> 0.10)
  gettext_i18n_rails_js (>= 0.0.8)
  google-api-client
  hirb-unicode
  i18n_data (>= 0.2.6)
  immigrant
  jquery-rails (= 2.0.3)
  jquery-ui-rails
  json
  launchy
  locale (<= 2.0.9)
  maruku
  minitest (~> 4.7)
  minitest-spec-rails
  minitest-spec-rails-tu-shim
  mocha
  mysql2 (> 0.3.0)
  net-ldap
  oauth
  pg
  pry
  quiet_assets
  rabl (>= 0.7.5, <= 0.9.0)
  rack-openid
  rails (= 3.2.16)
  rbovirt (>= 0.0.21)
  rbvmomi (~> 1.6.0)
  rest-client
  ruby-libvirt
  ruby_parser (~> 3.0.0)
  rubyzip (~> 0.9)
  safemode (~> 1.2)
  sass-rails (~> 3.2.3)
  scoped_search (>= 2.5)
  simplecov
  single_test
  spice-html5-rails
  spork
  spork-minitest
  sqlite3
  sshkey
  term-ansicolor
  therubyracer (= 0.11.3)
  uglifier (>= 1.0.3)
  unf
  unicorn
  uuidtools
  will_paginate (~> 3.0.2)
  wirb
